PATH
  remote: .
  specs:
    CBRA-Contracts (0.1.0)

GEM
  remote: https://rubygems.org/
  specs:
    minitest (5.14.0)
    rake (10.5.0)

PLATFORMS
  ruby

DEPENDENCIES
  CBRA-Contracts!
  bundler (~> 1.17)
  minitest (~> 5.0)
  rake (~> 10.0)

BUNDLED WITH
   1.17.3
